GEM
  remote: https://rubygems.org/
  specs:
    ast (2.4.2)
    awesome_print (1.9.2)
    coderay (1.1.3)
    diff-lcs (1.5.0)
    matrix (0.4.2)
    method_source (1.0.0)
    parallel (1.21.0)
    parser (3.0.3.2)
      ast (~> 2.4.1)
    pry (0.14.1)
      coderay (~> 1.1)
      method_source (~> 1.0)
    rainbow (3.0.0)
    rbi (0.0.9)
      ast
      parser
      sorbet-runtime (>= 0.5.9204)
      unparser
    regexp_parser (2.2.0)
    rexml (3.2.8)
      strscan (>= 3.0.9)
    rspec (3.10.0)
      rspec-core (~> 3.10.0)
      rspec-expectations (~> 3.10.0)
      rspec-mocks (~> 3.10.0)
    rspec-core (3.10.1)
      rspec-support (~> 3.10.0)
    rspec-expectations (3.10.1)
      diff-lcs (>= 1.2.0, < 2.0)
      rspec-support (~> 3.10.0)
    rspec-mocks (3.10.2)
      diff-lcs (>= 1.2.0, < 2.0)
      rspec-support (~> 3.10.0)
    rspec-support (3.10.3)
    rubocop (1.24.0)
      parallel (~> 1.10)
      parser (>= 3.0.0.0)
      rainbow (>= 2.2.2, < 4.0)
      regexp_parser (>= 1.8, < 3.0)
      rexml
      rubocop-ast (>= 1.15.0, < 2.0)
      ruby-progressbar (~> 1.7)
      unicode-display_width (>= 1.4.0, < 3.0)
    rubocop-ast (1.15.0)
      parser (>= 3.0.1.1)
    ruby-progressbar (1.11.0)
    sorbet (0.5.9482)
      sorbet-static (= 0.5.9482)
    sorbet-runtime (0.5.9482)
    sorbet-static (0.5.9482-universal-darwin-20)
    sorbet-static (0.5.9482-universal-darwin-21)
    sorbet-static (0.5.9482-x86_64-linux)
    spoom (1.1.7)
      sorbet (>= 0.5.9204)
      sorbet-runtime (>= 0.5.9204)
      thor (>= 0.19.2)
    strscan (3.1.0)
    tapioca (0.6.1)
      bundler (>= 1.17.3)
      pry (>= 0.12.2)
      rbi (~> 0.0.0, >= 0.0.9)
      sorbet-runtime (>= 0.5.9204)
      sorbet-static (>= 0.5.9204)
      spoom (~> 1.1.0, >= 1.1.4)
      thor (>= 0.19.2)
      yard-sorbet
    thor (1.2.1)
    unicode-display_width (2.1.0)
    unparser (0.6.2)
      diff-lcs (~> 1.3)
      parser (>= 3.0.0)
    webrick (1.7.0)
    yard (0.9.27)
      webrick (~> 1.7.0)
    yard-sorbet (0.6.1)
      sorbet-runtime (>= 0.5)
      yard (>= 0.9)

PLATFORMS
  arm64-darwin-20
  arm64-darwin-21
  x86_64-linux

DEPENDENCIES
  awesome_print (~> 1.9)
  matrix (~> 0.4.2)
  rspec (~> 3.10)
  rubocop (~> 1.23)
  tapioca (~> 0.6.1)

BUNDLED WITH
   2.2.31
